GEM
  remote: http://rubygems.org/
  specs:
    concurrent-ruby (0.9.1)
    httparty (0.13.5)
      json (~> 1.8)
      multi_xml (>= 0.5.2)
    json (1.8.3)
    multi_xml (0.5.5)

PLATFORMS
  ruby

DEPENDENCIES
  concurrent-ruby
  httparty
